PATH
  remote: .
  specs:
    dustbag (0.0.1)
      money
      ox
      vacuum

GEM
  remote: http://rubygems.org/
  specs:
    codeclimate-test-reporter (0.4.7)
      simplecov (>= 0.7.1, < 1.0.0)
    coderay (1.1.0)
    diff-lcs (1.2.5)
    docile (1.1.5)
    excon (0.45.4)
    i18n (0.7.0)
    jeff (1.5.1)
      excon (>= 0.22.1)
    json (1.8.3)
    method_source (0.8.2)
    money (6.6.1)
      i18n (>= 0.6.4, <= 0.7.0)
    multi_xml (0.5.5)
    ox (2.2.2)
    pry (0.10.3)
      coderay (~> 1.1.0)
      method_source (~> 0.8.1)
      slop (~> 3.4)
    rake (10.4.2)
    rspec (3.3.0)
      rspec-core (~> 3.3.0)
      rspec-expectations (~> 3.3.0)
      rspec-mocks (~> 3.3.0)
    rspec-core (3.3.2)
      rspec-support (~> 3.3.0)
    rspec-expectations (3.3.1)
      diff-lcs (>= 1.2.0, < 2.0)
      rspec-support (~> 3.3.0)
    rspec-mocks (3.3.2)
      diff-lcs (>= 1.2.0, < 2.0)
      rspec-support (~> 3.3.0)
    rspec-support (3.3.0)
    simplecov (0.10.0)
      docile (~> 1.1.0)
      json (~> 1.8)
      simplecov-html (~> 0.10.0)
    simplecov-html (0.10.0)
    slop (3.6.0)
    vacuum (1.4.0)
      jeff (~> 1.0)
      multi_xml (~> 0.5.0)

PLATFORMS
  ruby

DEPENDENCIES
  codeclimate-test-reporter
  dustbag!
  pry
  rake
  rspec

BUNDLED WITH
   1.10.6
