PATH
  remote: .
  specs:
    dustbag (0.0.1)
      ox
      vacuum

GEM
  remote: http://rubygems.org/
  specs:
    coderay (1.1.0)
    diff-lcs (1.2.5)
    excon (0.45.4)
    jeff (1.5.1)
      excon (>= 0.22.1)
    method_source (0.8.2)
    multi_xml (0.5.5)
    ox (2.2.2)
    pry (0.10.3)
      coderay (~> 1.1.0)
      method_source (~> 0.8.1)
      slop (~> 3.4)
    rake (10.4.2)
    rspec (3.3.0)
      rspec-core (~> 3.3.0)
      rspec-expectations (~> 3.3.0)
      rspec-mocks (~> 3.3.0)
    rspec-core (3.3.2)
      rspec-support (~> 3.3.0)
    rspec-expectations (3.3.1)
      diff-lcs (>= 1.2.0, < 2.0)
      rspec-support (~> 3.3.0)
    rspec-mocks (3.3.2)
      diff-lcs (>= 1.2.0, < 2.0)
      rspec-support (~> 3.3.0)
    rspec-support (3.3.0)
    slop (3.6.0)
    vacuum (1.4.0)
      jeff (~> 1.0)
      multi_xml (~> 0.5.0)

PLATFORMS
  ruby

DEPENDENCIES
  dustbag!
  pry
  rake
  rspec

BUNDLED WITH
   1.10.6
